GEM
  remote: https://rubygems.org/
  specs:
    Platform (0.4.0)
    coderay (1.1.0)
    colorize (0.7.7)
    diff-lcs (1.2.5)
    docker-api (1.22.2)
      excon (>= 0.38.0)
      json
    excon (0.45.4)
    highline (1.7.2)
    json (1.8.3)
    method_source (0.8.2)
    multi_json (1.11.2)
    net-scp (1.2.1)
      net-ssh (>= 2.6.5)
    net-ssh (2.9.2)
    net-telnet (0.1.1)
    open4 (1.3.4)
    popen4 (0.1.2)
      Platform (>= 0.4.0)
      open4 (>= 0.4.0)
    pry (0.10.1)
      coderay (~> 1.1.0)
      method_source (~> 0.8.1)
      slop (~> 3.4)
    rspec (3.3.0)
      rspec-core (~> 3.3.0)
      rspec-expectations (~> 3.3.0)
      rspec-mocks (~> 3.3.0)
    rspec-core (3.3.2)
      rspec-support (~> 3.3.0)
    rspec-expectations (3.3.1)
      diff-lcs (>= 1.2.0, < 2.0)
      rspec-support (~> 3.3.0)
    rspec-its (1.2.0)
      rspec-core (>= 3.0.0)
      rspec-expectations (>= 3.0.0)
    rspec-mocks (3.3.2)
      diff-lcs (>= 1.2.0, < 2.0)
      rspec-support (~> 3.3.0)
    rspec-support (3.3.0)
    serverspec (2.21.0)
      multi_json
      rspec (~> 3.0)
      rspec-its
      specinfra (~> 2.38)
    sfl (2.2)
    slop (3.6.0)
    specinfra (2.40.0)
      net-scp
      net-ssh (~> 2.7)
      net-telnet
      sfl

PLATFORMS
  ruby

DEPENDENCIES
  colorize
  docker-api
  highline
  popen4
  pry
  rspec
  serverspec

BUNDLED WITH
   1.10.5
